PATH
  remote: .
  specs:
    effing (0.1.0)
      ffi (>= 1.2.0)
      log_switch (>= 0.4.0)

GEM
  remote: https://rubygems.org/
  specs:
    diff-lcs (1.1.3)
    fakefs (0.4.2)
    ffi (1.13.1)
    ffi (1.13.1-java)
    log_switch (0.4.0)
    multi_json (1.5.0)
    rake (13.0.1)
    rspec (2.12.0)
      rspec-core (~> 2.12.0)
      rspec-expectations (~> 2.12.0)
      rspec-mocks (~> 2.12.0)
    rspec-core (2.12.2)
    rspec-expectations (2.12.1)
      diff-lcs (~> 1.1.3)
    rspec-mocks (2.12.1)
    simplecov (0.7.1)
      multi_json (~> 1.0)
      simplecov-html (~> 0.7.1)
    simplecov-html (0.7.1)
    yard (0.9.25)

PLATFORMS
  java
  ruby

DEPENDENCIES
  bundler (>= 1.0.1)
  effing!
  fakefs
  rake
  rspec (>= 2.6.0)
  simplecov
  yard (>= 0.7.2)
